GEM
  remote: http://rubygems.org/
  specs:
    rack (1.4.1)
    rspec (1.3.2)
    rspec-rails (1.3.4)
      rack (>= 1.0.0)
      rspec (~> 1.3.1)

PLATFORMS
  ruby

DEPENDENCIES
  rspec-rails (~> 1.3)
