GEM
  remote: http://rubygems.org/
  specs:
    coderay (1.0.5)
    method_source (0.7.1)
    pry (0.9.8.4)
      coderay (~> 1.0.5)
      method_source (~> 0.7.1)
      slop (>= 2.4.4, < 3)
    rack (1.4.1)
    rspec (1.3.2)
    rspec-rails (1.3.4)
      rack (>= 1.0.0)
      rspec (~> 1.3.1)
    slop (2.4.4)

PLATFORMS
  ruby

DEPENDENCIES
  pry
  rspec-rails (~> 1.3)
